PATH
  remote: ../../darwinia-network/scale_rb
  specs:
    scale_rb (0.1.13)
      base58
      blake2b_rs (~> 0.1.4)
      xxhash

GEM
  remote: https://rubygems.org/
  specs:
    base58 (0.2.3)
    blake2b_rs (0.1.4)
      ffi (~> 1.0)
      thermite (~> 0)
    ffi (1.16.2)
    minitar (0.9)
    rake (13.0.6)
    thermite (0.13.0)
      minitar (~> 0.5)
      rake (>= 10)
      tomlrb (~> 1.2)
    tomlrb (1.3.0)
    xxhash (0.5.0)

PLATFORMS
  arm64-darwin-21

DEPENDENCIES
  scale_rb!

BUNDLED WITH
   2.4.13
