GEM
  remote: https://rubygems.org/
  specs:
    base58 (0.2.3)
    blake2b_rs (0.1.4)
      ffi (~> 1.0)
      thermite (~> 0)
    ffi (1.16.3)
    minitar (0.9)
    rake (13.0.6)
    scale_rb (0.1.14)
      base58
      blake2b_rs (~> 0.1.4)
      xxhash
    thermite (0.13.0)
      minitar (~> 0.5)
      rake (>= 10)
      tomlrb (~> 1.2)
    tomlrb (1.3.0)
    xxhash (0.5.0)

PLATFORMS
  arm64-darwin-21

DEPENDENCIES
  scale_rb (~> 0.1.14)

BUNDLED WITH
   2.4.13
